PATH
  remote: .
  specs:
    envify (0.1.1)
      erb (~> 4.0)
      thor (~> 1.2)

GEM
  remote: https://rubygems.org/
  specs:
    cgi (0.3.6)
    erb (4.0.3)
      cgi (>= 0.3.3)
    minitest (5.21.2)
    rake (13.0.6)
    thor (1.3.0)

PLATFORMS
  arm64-darwin-22
  x86_64-linux

DEPENDENCIES
  envify!
  minitest (~> 5.21)
  rake (~> 13.0)

BUNDLED WITH
   2.4.6
